{"ConversionSoftware":"dicm2nii.m 20180808","SeriesNumber":12,"SeriesDescription":"nc_epi2d_v2o_3mm_OFC_64ch","ImageType":["ORIGINAL","PRIMARY","M","ND","MOSAIC"],"Modality":"MR","AcquisitionDateTime":"20200123120628.820000","TotalReadoutTime":0.030625,"SliceTiming":[0,0,0,0,0,0,0,0,0,0,0,0,0,0,0,0,0,0,0,0,0,0,0,0,0,0,0,0,0,0,0,0,0,0,0,0,0,0,0,0,0,0,0,0,0,0,0,0],"RepetitionTime":3.36,"PhaseEncodingDirection":"j-","EffectiveEchoSpacing":0.00048611111,"EchoTime1":0.03,"deltaTE":0,"EchoTime2":0.03,"PatientName":"MP02939","PatientPosition":"HFS","SliceThickness":2.5,"FlipAngle":90,"Manufacturer":"SIEMENS","SoftwareVersion":"syngo MR E11","MRAcquisitionType":"2D","InstitutionName":"FIL","InstitutionAddress":"Queen Square 12,London,Southeast,GB,WC1N 3BG","DeviceSerialNumber":"167032","ScanningSequence":"RM","SequenceVariant":"SP\\OSP","ScanOptions":"FS","SequenceName":"ep2dv2o2d1","EchoTime":0.03}