{"ConversionSoftware":"dicm2nii.m 20180808","SeriesNumber":9,"SeriesDescription":"nc_epi2d_v2o_3mm_OFC_64ch","ImageType":["ORIGINAL","PRIMARY","M","ND","MOSAIC"],"Modality":"MR","AcquisitionDateTime":"20200212150740.727500","TotalReadoutTime":0.030625,"SliceTiming":[0,0.07,0.14,0.21,0.28,0.35,0.42,0.49,0.56,0.63,0.7,0.77,0.84,0.91,0.98,1.05,1.12,1.19,1.26,1.33,1.4,1.47,1.54,1.61,1.68,1.75,1.82,1.89,1.96,2.03,2.1,2.17,2.24,2.31,2.38,2.45,2.52,2.59,2.66,2.73,2.8,2.87,2.94,3.01,3.08,3.15,3.22,3.29],"RepetitionTime":3.36,"PhaseEncodingDirection":"j-","EffectiveEchoSpacing":0.00048611111,"EchoTime1":0.03,"deltaTE":0,"EchoTime2":0.03,"PatientName":"MP02975","PatientPosition":"HFS","SliceThickness":2.5,"FlipAngle":90,"Manufacturer":"SIEMENS","SoftwareVersion":"syngo MR E11","MRAcquisitionType":"2D","InstitutionName":"Functional Imaging Laboratory","InstitutionAddress":"Queen Square 12,London,Southeast,GB,WC1N 3BG","DeviceSerialNumber":"167032","ScanningSequence":"RM","SequenceVariant":"SP\\OSP","ScanOptions":"FS","SequenceName":"ep2dv2o2d1","EchoTime":0.03}